GIT
  remote: git://github.com/AE9RB/browserchannel.git
  revision: 29c597352387a437a865b1562cadf6202a7c2388
  specs:
    browserchannel (0.0.2.dev)
      thin

GEM
  remote: https://rubygems.org/
  specs:
    daemons (1.1.9)
    eventmachine (1.0.3)
    json (1.8.1)
    rack (1.5.2)
    thin (1.6.0)
      daemons (>= 1.0.9)
      eventmachine (>= 1.0.0)
      rack (>= 1.5.0)

PLATFORMS
  ruby

DEPENDENCIES
  browserchannel!
  json
  thin
